GEM
  remote: https://rubygems.org/
  specs:
    net-ssh (2.9.1)
    rake (0.9.6)

PLATFORMS
  ruby

DEPENDENCIES
  net-ssh
  rake
