GEM
  remote: https://rubygems.org/
  specs:
    net-ssh (2.9.1)

PLATFORMS
  ruby

DEPENDENCIES
  net-ssh
